GEM
  remote: http://rubygems.org/
  specs:
    appraisal (0.2.0)
      bundler
      rake
    archive-tar-minitar (0.5.2)
    aws-s3 (0.6.2)
      builder
      mime-types
      xml-simple
    builder (3.0.0)
    cocaine (0.0.2)
    columnize (0.3.2)
    excon (0.5.2)
    fog (0.5.2)
      builder
      excon (>= 0.5.2)
      formatador (>= 0.0.16)
      json
      mime-types
      net-ssh (>= 2.0.23)
      nokogiri (>= 1.4.4)
      ruby-hmac
    formatador (0.0.16)
    json (1.5.1)
    linecache (0.43)
    linecache19 (0.5.12)
      ruby_core_source (>= 0.1.4)
    mime-types (1.16)
    mocha (0.9.9)
      rake
    net-ssh (2.1.0)
    nokogiri (1.4.4)
    rake (0.9.0)
    ruby-debug (0.10.4)
      columnize (>= 0.1)
      ruby-debug-base (~> 0.10.4.0)
    ruby-debug-base (0.10.4)
      linecache (>= 0.3)
    ruby-debug-base19 (0.11.25)
      columnize (>= 0.3.1)
      linecache19 (>= 0.5.11)
      ruby_core_source (>= 0.1.4)
    ruby-debug19 (0.11.6)
      columnize (>= 0.3.1)
      linecache19 (>= 0.5.11)
      ruby-debug-base19 (>= 0.11.19)
    ruby-hmac (0.4.0)
    ruby_core_source (0.1.5)
      archive-tar-minitar (>= 0.5.2)
    shoulda (2.11.3)
    sqlite3-ruby (1.3.2)
    xml-simple (1.0.12)

PLATFORMS
  ruby

DEPENDENCIES
  appraisal
  aws-s3
  bundler
  cocaine
  fog
  mocha
  rake
  ruby-debug
  ruby-debug19
  shoulda
  sqlite3-ruby (~> 1.3.0)
